PATH
  remote: .
  specs:
    forte_presenter_plugin (0.1.0)

GEM
  remote: https://rubygems.org/
  specs:
    rake (13.0.0)

PLATFORMS
  ruby

DEPENDENCIES
  bundler (~> 1.16)
  forte_presenter_plugin!
  rake (~> 13.0)

BUNDLED WITH
   1.17.3
